GEM
  remote: https://rubygems.org/
  specs:
    coderay (1.1.2)
    json (2.1.0)
    method_source (0.9.0)
    mustermann (1.0.3)
    pry (0.11.3)
      coderay (~> 1.1.0)
      method_source (~> 0.9.0)
    rack (2.0.5)

PLATFORMS
  ruby

DEPENDENCIES
  json
  mustermann
  pry
  rack

BUNDLED WITH
   1.16.2
